GEM
  remote: https://rubygems.org/
  specs:
    aws-s3 (0.6.3)
      builder
      mime-types
      xml-simple
    builder (3.2.2)
    commander (4.2.1)
      highline (~> 1.6.11)
    dotenv (1.0.2)
    faraday (0.9.1)
      multipart-post (>= 1.2, < 3)
    faraday_middleware (0.9.1)
      faraday (>= 0.7.4, < 0.10)
    highline (1.6.21)
    json (1.8.2)
    mime-types (2.4.3)
    multipart-post (2.0.0)
    shenzhen (0.3.1)
      commander (~> 4.1)
      faraday (~> 0.8)
      faraday_middleware (~> 0.9)
      json (~> 1.8)
    slack-notifier (1.0.0)
    xml-simple (1.1.4)

PLATFORMS
  ruby

DEPENDENCIES
  aws-s3
  dotenv
  shenzhen
  slack-notifier
